GEM
  remote: https://rubygems.org/
  specs:
    bubble-wrap (1.3.0)
    sugarcube (1.0.1)
    teacup (2.1.1)

PLATFORMS
  ruby

DEPENDENCIES
  bubble-wrap (~> 1.3.0)
  sugarcube
  teacup
